GEM
  remote: https://rubygems.org/
  specs:
    activesupport (4.1.4)
      i18n (~> 0.6, >= 0.6.9)
      json (~> 1.7, >= 1.7.7)
      minitest (~> 5.1)
      thread_safe (~> 0.1)
      tzinfo (~> 1.1)
    addressable (2.3.6)
    autoprefixer-rails (3.0.1.20140826)
      execjs
    builder (3.2.2)
    chunky_png (1.3.1)
    cloudflare (2.0.1)
      json (~> 1)
    coffee-script (2.2.0)
      coffee-script-source
      execjs
    coffee-script-source (1.7.1)
    colorize (0.7.3)
    compass (0.12.6)
      chunky_png (~> 1.2)
      fssm (>= 0.2.7)
      sass (~> 3.2.19)
    compass-import-once (1.0.4)
      sass (>= 3.2, < 3.5)
    curb (0.8.6)
    curb-fu (0.6.2)
      curb (>= 0.5.4.0)
      rack-test (>= 0.2.0)
    docile (1.1.5)
    em-websocket (0.5.1)
      eventmachine (>= 0.12.9)
      http_parser.rb (~> 0.6.0)
    erubis (2.7.0)
    eventmachine (1.0.3)
    excon (0.38.0)
    execjs (2.2.1)
    exifr (1.1.3)
    faraday (0.8.9)
      multipart-post (~> 1.2.0)
    fastly (1.1.3)
      curb (>= 0.7.15)
      curb-fu (>= 0.6.1)
    favicon_maker (1.3)
      docile (~> 1.1)
    ffi (1.9.3)
    filecache (1.0)
    fog (1.23.0)
      fog-brightbox
      fog-core (~> 1.23)
      fog-json
      fog-softlayer
      ipaddress (~> 0.5)
      nokogiri (~> 1.5, >= 1.5.11)
    fog-brightbox (0.1.1)
      fog-core (~> 1.22)
      fog-json
      inflecto
    fog-core (1.23.0)
      builder
      excon (~> 0.38)
      formatador (~> 0.2)
      mime-types
      net-scp (~> 1.1)
      net-ssh (>= 2.1.3)
    fog-json (1.0.0)
      multi_json (~> 1.0)
    fog-softlayer (0.3.11)
      fog-core
      fog-json
    formatador (0.2.5)
    fspath (2.0.6)
    fssm (0.2.10)
    haml (4.0.5)
      tilt
    hike (1.2.3)
    hooks (0.4.0)
      uber (~> 0.0.4)
    htmlcompressor (0.1.1)
    http_parser.rb (0.6.0)
    httparty (0.13.1)
      json (~> 1.8)
      multi_xml (>= 0.5.2)
    i18n (0.6.11)
    image_optim (0.9.1)
      exifr (~> 1.1.3)
      fspath (~> 2.0.5)
      image_size (~> 1.1.2)
      in_threads (~> 1.2.0)
      progress (~> 3.0.0)
    image_size (1.1.5)
    in_threads (1.2.1)
    inflecto (0.0.2)
    ipaddress (0.8.0)
    json (1.8.1)
    jwt (1.0.0)
    kramdown (1.4.0)
    listen (1.3.1)
      rb-fsevent (>= 0.9.3)
      rb-inotify (>= 0.9)
      rb-kqueue (>= 0.2)
    map (6.5.4)
    maxcdn (0.1.6)
      curb-fu (~> 0.6.2)
      signet (~> 0.4.5)
    middleman (3.3.3)
      coffee-script (~> 2.2.0)
      compass (>= 0.12.4)
      compass-import-once (= 1.0.4)
      execjs (~> 2.0)
      haml (>= 4.0.5)
      kramdown (~> 1.2)
      middleman-core (= 3.3.3)
      middleman-sprockets (>= 3.1.2)
      sass (>= 3.2.17, < 4.0)
      uglifier (~> 2.5)
    middleman-autoprefixer (2.2.0)
      autoprefixer-rails (~> 3.0.0)
      middleman-core (>= 3.3.3)
    middleman-cdn (0.1.10)
      activesupport (~> 4.1)
      cloudflare (~> 2.0)
      colorize (~> 0.7)
      fastly (~> 1.1)
      fog (~> 1.9)
      httparty (~> 0.13)
      maxcdn (~> 0.1)
      middleman-core (~> 3.0)
    middleman-core (3.3.3)
      activesupport (~> 4.1.0)
      bundler (~> 1.1)
      erubis
      hooks (~> 0.3)
      i18n (~> 0.6.9)
      listen (~> 1.1)
      padrino-helpers (~> 0.12.1)
      rack (>= 1.4.5, < 2.0)
      rack-test (~> 0.6.2)
      thor (>= 0.15.2, < 2.0)
      tilt (~> 1.4.1, < 2.0)
    middleman-favicon-maker (3.7)
      favicon_maker (~> 1.3)
      middleman-core (>= 3.0.0)
    middleman-imageoptim (0.1.4)
      image_optim (~> 0.9.1)
      middleman-core (>= 3.0)
    middleman-livereload (3.1.1)
      em-websocket (>= 0.2.0)
      middleman-core (>= 3.0.2)
      multi_json (~> 1.0)
      rack-livereload
    middleman-minify-html (3.4.0)
      htmlcompressor (~> 0.1.0)
      middleman-core (>= 3.2)
    middleman-s3_sync (3.0.30)
      colorize
      fog (>= 1.10.1)
      map
      middleman-core (>= 3.0.0)
      pmap
      ruby-progressbar
      unf
    middleman-sprockets (3.3.3)
      middleman-core (>= 3.2)
      sprockets (~> 2.2)
      sprockets-helpers (~> 1.1.0)
      sprockets-sass (~> 1.1.0)
    mime-types (2.3)
    mini_portile (0.6.0)
    minitest (5.4.0)
    multi_json (1.10.1)
    multi_xml (0.5.5)
    multipart-post (1.2.0)
    net-scp (1.2.1)
      net-ssh (>= 2.6.5)
    net-ssh (2.9.1)
    nokogiri (1.6.3.1)
      mini_portile (= 0.6.0)
    padrino-helpers (0.12.2)
      i18n (~> 0.6, >= 0.6.7)
      padrino-support (= 0.12.2)
      tilt (~> 1.4.1)
    padrino-support (0.12.2)
      activesupport (>= 3.1)
    pmap (1.0.1)
    progress (3.0.0)
    rack (1.5.2)
    rack-livereload (0.3.15)
      rack
    rack-test (0.6.2)
      rack (>= 1.0)
    rb-fsevent (0.9.4)
    rb-inotify (0.9.5)
      ffi (>= 0.5.0)
    rb-kqueue (0.2.3)
      ffi (>= 0.5.0)
    ruby-progressbar (1.5.1)
    sass (3.2.19)
    signet (0.4.5)
      addressable (>= 2.2.3)
      faraday (~> 0.8.1)
      jwt (>= 0.1.5)
      multi_json (>= 1.0.0)
    sprockets (2.12.1)
      hike (~> 1.2)
      multi_json (~> 1.0)
      rack (~> 1.0)
      tilt (~> 1.1, != 1.3.0)
    sprockets-helpers (1.1.0)
      sprockets (~> 2.0)
    sprockets-sass (1.1.0)
      sprockets (~> 2.0)
      tilt (~> 1.1)
    thor (0.19.1)
    thread_safe (0.3.4)
    tilt (1.4.1)
    tzinfo (1.2.1)
      thread_safe (~> 0.1)
    uber (0.0.7)
    uglifier (2.5.1)
      execjs (>= 0.3.0)
      json (>= 1.8.0)
    unf (0.1.4)
      unf_ext
    unf_ext (0.0.6)

PLATFORMS
  ruby

DEPENDENCIES
  filecache
  middleman (~> 3.3.3)
  middleman-autoprefixer
  middleman-cdn
  middleman-favicon-maker (~> 3.7)
  middleman-imageoptim (~> 0.1.4)
  middleman-livereload (~> 3.1.0)
  middleman-minify-html
  middleman-s3_sync
